GEM
  remote: https://rubygems.org/
  specs:
    multiset (0.4.0)
    parallel (0.5.18)

PLATFORMS
  ruby

DEPENDENCIES
  multiset
  parallel
