GEM
  remote: https://rubygems.org/
  specs:
    better-benchmark (0.8.3)
      rsruby
    multiset (0.4.0)
    parallel (0.5.18)
    rsruby (0.5.1.1)

PLATFORMS
  ruby

DEPENDENCIES
  better-benchmark (~> 0.8.3)
  multiset
  parallel
