GEM
  remote: https://rubygems.org/
  specs:
    multiset (0.4.0)

PLATFORMS
  ruby

DEPENDENCIES
  multiset
